GEM
  remote: https://rubygems.org/
  specs:
    activemodel (4.0.4)
      activesupport (= 4.0.4)
      builder (~> 3.1.0)
    activerecord (4.0.4)
      activemodel (= 4.0.4)
      activerecord-deprecated_finders (~> 1.0.2)
      activesupport (= 4.0.4)
      arel (~> 4.0.0)
    activerecord-deprecated_finders (1.0.3)
    activesupport (4.0.4)
      i18n (~> 0.6, >= 0.6.9)
      minitest (~> 4.2)
      multi_json (~> 1.3)
      thread_safe (~> 0.1)
      tzinfo (~> 0.3.37)
    arel (4.0.2)
    atomic (1.1.16)
    backports (3.6.0)
    builder (3.1.4)
    byebug (2.7.0)
      columnize (~> 0.3)
      debugger-linecache (~> 1.2)
    coderay (1.1.0)
    columnize (0.3.6)
    daemons (1.1.9)
    database_cleaner (1.2.0)
    debugger-linecache (1.2.0)
    diff-lcs (1.2.5)
    eventmachine (1.0.3)
    i18n (0.6.9)
    method_source (0.8.2)
    minitest (4.7.5)
    multi_json (1.9.0)
    pry (0.9.12.6)
      coderay (~> 1.0)
      method_source (~> 0.8)
      slop (~> 3.4)
    pry-byebug (1.3.2)
      byebug (~> 2.7)
      pry (~> 0.9.12)
    rack (1.5.2)
    rack-protection (1.5.2)
      rack
    rack-test (0.6.2)
      rack (>= 1.0)
    rake (10.1.1)
    rspec (2.14.1)
      rspec-core (~> 2.14.0)
      rspec-expectations (~> 2.14.0)
      rspec-mocks (~> 2.14.0)
    rspec-core (2.14.8)
    rspec-expectations (2.14.5)
      diff-lcs (>= 1.1.3, < 2.0)
    rspec-mocks (2.14.6)
    sinatra (1.4.4)
      rack (~> 1.4)
      rack-protection (~> 1.4)
      tilt (~> 1.3, >= 1.3.4)
    sinatra-activerecord (1.4.0)
      activerecord (>= 3.0)
      sinatra (~> 1.0)
    sinatra-contrib (1.4.2)
      backports (>= 2.0)
      multi_json
      rack-protection
      rack-test
      sinatra (~> 1.4.0)
      tilt (~> 1.3)
    slim (2.0.2)
      temple (~> 0.6.6)
      tilt (>= 1.3.3, < 2.1)
    slop (3.5.0)
    sqlite3 (1.3.9)
    temple (0.6.7)
    thin (1.6.2)
      daemons (>= 1.0.9)
      eventmachine (>= 1.0.0)
      rack (>= 1.0.0)
    thread_safe (0.2.0)
      atomic (>= 1.1.7, < 2)
    tilt (1.4.1)
    tzinfo (0.3.39)

PLATFORMS
  ruby

DEPENDENCIES
  database_cleaner
  pry
  pry-byebug
  rack-test
  rake
  rspec
  sinatra
  sinatra-activerecord
  sinatra-contrib
  slim
  sqlite3
  thin
